GEM
  remote: https://rubygems.org/
  specs:
    erb (2.2.0)
    rack (2.2.3)
    roda (3.37.0)
      rack
    tilt (2.0.10)
    zeitwerk (2.4.1)

PLATFORMS
  ruby

DEPENDENCIES
  erb (~> 2.2)
  roda (~> 3.37)
  tilt (~> 2.0)
  zeitwerk (~> 2.4)

BUNDLED WITH
   2.1.4
